GEM
  remote: http://rubygems.org/
  specs:
    abstract (1.0.0)
    actionmailer (3.0.0)
      actionpack (= 3.0.0)
      mail (~> 2.2.5)
    actionpack (3.0.0)
      activemodel (= 3.0.0)
      activesupport (= 3.0.0)
      builder (~> 2.1.2)
      erubis (~> 2.6.6)
      i18n (~> 0.4.1)
      rack (~> 1.2.1)
      rack-mount (~> 0.6.12)
      rack-test (~> 0.5.4)
      tzinfo (~> 0.3.23)
    activemodel (3.0.0)
      activesupport (= 3.0.0)
      builder (~> 2.1.2)
      i18n (~> 0.4.1)
    activerecord (3.0.0)
      activemodel (= 3.0.0)
      activesupport (= 3.0.0)
      arel (~> 1.0.0)
      tzinfo (~> 0.3.23)
    activeresource (3.0.0)
      activemodel (= 3.0.0)
      activesupport (= 3.0.0)
    activesupport (3.0.0)
    addressable (2.2.0)
    arel (1.0.1)
      activesupport (~> 3.0.0)
    awesome_print (0.2.1)
    bcrypt-ruby (2.1.2)
    builder (2.1.2)
    cancan (1.3.3)
    capistrano (2.5.19)
      highline
      net-scp (>= 1.0.0)
      net-sftp (>= 2.0.0)
      net-ssh (>= 2.0.14)
      net-ssh-gateway (>= 1.0.0)
    compass (0.10.5)
      haml (>= 3.0.4)
    devise (1.1.2)
      bcrypt-ruby (~> 2.1.2)
      warden (~> 0.10.7)
    em-http-request (0.2.11)
      addressable (>= 2.0.0)
      eventmachine (>= 0.12.9)
    erubis (2.6.6)
      abstract (>= 1.0.0)
    eventmachine (0.12.10)
    haml (3.0.18)
    haml-rails (0.2)
      haml (~> 3.0)
      rails (~> 3.0.0.rc)
    has_scope (0.5.0)
    highline (1.6.1)
    hirb (0.3.3)
    i18n (0.4.1)
    inherited_resources (1.1.2)
      has_scope (~> 0.5.0)
      responders (~> 0.6.0)
    jquery-rails (0.1.2)
      rails (~> 3.0.0.rc)
    looksee (0.2.1)
    mail (2.2.5)
      activesupport (>= 2.3.6)
      mime-types
      treetop (>= 1.4.5)
    meta_where (0.9.2)
      activerecord (~> 3.0.0.rc2)
      activesupport (~> 3.0.0.rc2)
      arel (~> 1.0.0.rc1)
    mime-types (1.16)
    net-scp (1.0.3)
      net-ssh (>= 1.99.1)
    net-sftp (2.0.5)
      net-ssh (>= 2.0.9)
    net-ssh (2.0.23)
    net-ssh-gateway (1.0.1)
      net-ssh (>= 1.99.1)
    polyglot (0.3.1)
    rack (1.2.1)
    rack-mount (0.6.12)
      rack (>= 1.0.0)
    rack-test (0.5.4)
      rack (>= 1.0)
    rails (3.0.0)
      actionmailer (= 3.0.0)
      actionpack (= 3.0.0)
      activerecord (= 3.0.0)
      activeresource (= 3.0.0)
      activesupport (= 3.0.0)
      bundler (~> 1.0.0)
      railties (= 3.0.0)
    railties (3.0.0)
      actionpack (= 3.0.0)
      activesupport (= 3.0.0)
      rake (>= 0.8.4)
      thor (~> 0.14.0)
    rake (0.8.7)
    responders (0.6.2)
    simple_form (1.2.2)
    sqlite3-ruby (1.3.1)
    thor (0.14.0)
    treetop (1.4.8)
      polyglot (>= 0.3.1)
    tzinfo (0.3.23)
    unicorn (1.1.3)
      rack
    warden (0.10.7)
      rack (>= 1.0.0)
    will_paginate (3.0.pre2)
    wirble (0.1.3)
    workflow (0.6.0)

PLATFORMS
  ruby

DEPENDENCIES
  awesome_print
  cancan
  capistrano
  compass (>= 0.10.5)
  devise
  em-http-request
  haml-rails
  hirb
  inherited_resources (= 1.1.2)
  jquery-rails
  looksee
  meta_where
  rails (= 3.0.0)
  simple_form
  sqlite3-ruby
  unicorn
  will_paginate (~> 3.0.pre2)
  wirble
  workflow
